PATH
  remote: .
  specs:
    faqml (0.1.1)
      redcarpet (>= 2.1.1)

GEM
  remote: http://rubygems.org/
  specs:
    redcarpet (2.1.1)

PLATFORMS
  ruby

DEPENDENCIES
  faqml!
