PATH
  remote: .
  specs:
    faqml (0.3.0)
      redcarpet (~> 2.1.1)
      temple (~> 0.4.0)
      tilt (~> 1.3.3)

GEM
  remote: http://rubygems.org/
  specs:
    redcarpet (2.1.1)
    temple (0.4.1)
    tilt (1.3.3)

PLATFORMS
  ruby

DEPENDENCIES
  faqml!
