PATH
  remote: .
  specs:
    faqml (0.1.2)
      redcarpet (>= 2.1.1)
      temple (>= 0.4.0)
      tilt (~> 1.3.3)

GEM
  remote: http://rubygems.org/
  specs:
    redcarpet (2.1.1)
    temple (0.4.0)
    tilt (1.3.3)

PLATFORMS
  ruby

DEPENDENCIES
  faqml!
